GEM
  remote: http://rubygems.org/
  specs:
    activemodel (3.2.5)
      activesupport (= 3.2.5)
      builder (~> 3.0.0)
    activerecord (3.2.5)
      activemodel (= 3.2.5)
      activesupport (= 3.2.5)
      arel (~> 3.0.2)
      tzinfo (~> 0.3.29)
    activesupport (3.2.5)
      i18n (~> 0.6)
      multi_json (~> 1.0)
    arel (3.0.2)
    bouncy-castle-java (1.5.0146.1)
    builder (3.0.0)
    git (1.2.5)
    highline (1.6.13)
    hirb (0.6.2)
    i18n (0.6.0)
    jruby-openssl (0.7.6.1)
      bouncy-castle-java (>= 1.5.0146.1)
    lucene (0.5.0.beta.1)
    multi_json (1.3.6)
    mysql2 (0.3.11)
    net-ftp-list (3.2.1)
    net-sftp (2.0.5)
      net-ssh (>= 2.0.9)
    net-ssh (2.3.0)
    plugin_manager (1.5)
    rake (0.9.2.2)
    redcar (0.13)
      bouncy-castle-java
      bundler
      git
      jruby-openssl
      lucene (~> 0.5.0.beta.1)
      net-ftp-list
      net-sftp
      net-ssh
      plugin_manager
      redcar-bundles
      redcar-icons
      redcar-javamateview
      redcar-jruby
      redcar-svnkit
      ruby-blockcache
      spoon
      swt
    redcar-bundles (0.3)
    redcar-icons (0.3)
    redcar-javamateview (0.2)
      swt
    redcar-jruby (0.1)
    redcar-svnkit (0.2)
    ruby-blockcache (0.2)
    spoon (0.0.1)
    standalone_migrations (1.0.10)
      activerecord (>= 3)
      rake
    swt (0.13)
    term-ansicolor (1.0.7)
    tzinfo (0.3.33)

PLATFORMS
  ruby

DEPENDENCIES
  activerecord
  highline
  hirb
  mysql2
  redcar
  standalone_migrations
  term-ansicolor
